GEM
  remote: http://rubygems.org/
  specs:
    chunky_png (1.2.5)
    compass (0.11.1)
      chunky_png (~> 1.1)
      fssm (>= 0.2.7)
      sass (~> 3.1)
    compass-susy-plugin (0.9)
      compass (>= 0.11.1)
    fssm (0.2.8.1)
    sass (3.1.15)

PLATFORMS
  ruby

DEPENDENCIES
  compass (= 0.11.1)
  compass-susy-plugin (= 0.9)
